PATH
  remote: .
  specs:
    funky-tlv (1.0.0)

GEM
  remote: https://rubygems.org/
  specs:
    archive-zip (0.12.0)
      io-like (~> 0.3.0)
    cloudwalk (2.0.0)
      bundler
      rake
    cloudwalk_handshake (2.0.0)
      funky-simplehttp (~> 0.6)
    da_funk (4.0.0)
      archive-zip (~> 0.5)
      bundler
      cloudwalk_handshake
      funky-emv
      posxml_parser
      rake
    funky-emv (1.4.1)
      funky-tlv (~> 0.2)
    funky-simplehttp (0.6.0)
    io-like (0.3.1)
    posxml_parser (2.26.0)
      funky-emv (~> 1)
    rake (10.5.0)

PLATFORMS
  ruby

DEPENDENCIES
  bundler (~> 1.7)
  cloudwalk
  da_funk
  funky-tlv!
  rake (~> 10.0)

BUNDLED WITH
   1.17.2
