PATH
  remote: .
  specs:
    funky-tlv (0.1.0)

GEM
  remote: https://rubygems.org/
  specs:
    cloudwalk_handshake (0.5.4)
    da_funk (0.7.3)
      bundler (~> 1.7)
      cloudwalk_handshake (~> 0.5)
      posxml_parser (~> 0.6)
      rake (~> 10.4)
      yard (~> 0.8)
    posxml_parser (0.7.11)
    rake (10.5.0)
    yard (0.8.7.6)

PLATFORMS
  ruby

DEPENDENCIES
  bundler (~> 1.7)
  da_funk
  funky-tlv!
  rake (~> 10.0)
